GIT
  remote: https://github.com/programble/ruby-lastfm.git
  revision: 9a385ad67f746d6fe084806e59d3610ee7206c9f
  branch: tasteometer
  specs:
    lastfm (1.9.0)
      activesupport (>= 3.0.3)
      httparty
      xml-simple

GEM
  remote: http://rubygems.org/
  specs:
    activesupport (3.2.8)
      i18n (~> 0.6)
      multi_json (~> 1.0)
    cinch (2.0.3)
    cinch-basic_ctcp (1.0.2)
      cinch (~> 2.0)
    configru (3.1.0)
    httparty (0.9.0)
      multi_json (~> 1.0)
      multi_xml
    i18n (0.6.1)
    multi_json (1.3.6)
    multi_xml (0.5.1)
    time-lord (0.1.5)
    xml-simple (1.1.2)

PLATFORMS
  ruby

DEPENDENCIES
  cinch (~> 2.0.0)
  cinch-basic_ctcp
  configru (~> 3.1.0)
  lastfm!
  time-lord (~> 0.1.0)
